PATH
  remote: .
  specs:
    glimr-api-client (0.4.0)
      typhoeus (~> 1.1.2)

GEM
  remote: https://rubygems.org/
  specs:
    addressable (2.8.0)
      public_suffix (>= 2.0.2, < 5.0)
    ast (2.4.2)
    byebug (9.0.6)
    capybara (2.13.0)
      addressable
      mime-types (>= 1.16)
      nokogiri (>= 1.3.3)
      rack (>= 1.0.0)
      rack-test (>= 0.5.4)
      xpath (~> 2.0)
    codeclimate-test-reporter (0.6.0)
      simplecov (>= 0.7.1, < 1.0.0)
    coderay (1.1.1)
    crack (0.4.3)
      safe_yaml (~> 1.0.0)
    diff-lcs (1.4.4)
    docile (1.1.5)
    ethon (0.13.0)
      ffi (>= 1.15.0)
    ffi (1.15.0)
    fuubar (2.5.1)
      rspec-core (~> 3.0)
      ruby-progressbar (~> 1.4)
    hashdiff (0.3.2)
    json (2.5.1)
    method_source (0.8.2)
    mime-types (3.1)
      mime-types-data (~> 3.2015)
    mime-types-data (3.2016.0521)
    mini_portile2 (2.5.1)
    mutant (0.10.31)
      diff-lcs (~> 1.3)
      parser (~> 3.0.0)
      regexp_parser (~> 2.0, >= 2.0.3)
      unparser (~> 0.6.0)
    mutant-rspec (0.10.31)
      mutant (= 0.10.31)
      rspec-core (>= 3.8.0, < 4.0.0)
    nokogiri (1.11.5)
      mini_portile2 (~> 2.5.0)
      racc (~> 1.4)
    parallel (1.20.1)
    parser (3.0.1.1)
      ast (~> 2.4.1)
    pry (0.10.4)
      coderay (~> 1.1.0)
      method_source (~> 0.8.1)
      slop (~> 3.4)
    pry-byebug (3.4.2)
      byebug (~> 9.0)
      pry (~> 0.10)
    public_suffix (4.0.6)
    racc (1.5.2)
    rack (2.2.3)
    rack-test (0.6.3)
      rack (>= 1.0)
    rainbow (3.0.0)
    rake (13.0.3)
    regexp_parser (2.1.1)
    rexml (3.2.5)
    rspec (3.10.0)
      rspec-core (~> 3.10.0)
      rspec-expectations (~> 3.10.0)
      rspec-mocks (~> 3.10.0)
    rspec-core (3.10.1)
      rspec-support (~> 3.10.0)
    rspec-expectations (3.10.1)
      diff-lcs (>= 1.2.0, < 2.0)
      rspec-support (~> 3.10.0)
    rspec-mocks (3.10.2)
      diff-lcs (>= 1.2.0, < 2.0)
      rspec-support (~> 3.10.0)
    rspec-support (3.10.2)
    rspec_junit_formatter (0.4.1)
      rspec-core (>= 2, < 4, != 2.12.0)
    rubocop (1.14.0)
      parallel (~> 1.10)
      parser (>= 3.0.0.0)
      rainbow (>= 2.2.2, < 4.0)
      regexp_parser (>= 1.8, < 3.0)
      rexml
      rubocop-ast (>= 1.5.0, < 2.0)
      ruby-progressbar (~> 1.7)
      unicode-display_width (>= 1.4.0, < 3.0)
    rubocop-ast (1.5.0)
      parser (>= 3.0.1.1)
    ruby-progressbar (1.11.0)
    safe_yaml (1.0.4)
    simplecov (0.14.1)
      docile (~> 1.1.0)
      json (>= 1.8, < 3)
      simplecov-html (~> 0.10.0)
    simplecov-html (0.10.0)
    slop (3.6.0)
    typhoeus (1.1.2)
      ethon (>= 0.9.0)
    unicode-display_width (2.0.0)
    unparser (0.6.0)
      diff-lcs (~> 1.3)
      parser (>= 3.0.0)
    webmock (3.0.1)
      addressable (>= 2.3.6)
      crack (>= 0.3.2)
      hashdiff
    xpath (2.0.0)
      nokogiri (~> 1.3)

PLATFORMS
  ruby

DEPENDENCIES
  bundler (~> 2.2.0)
  capybara (~> 2.7)
  codeclimate-test-reporter (~> 0.2)
  fuubar (~> 2.5)
  glimr-api-client!
  mutant-rspec (~> 0.10)
  pry-byebug (~> 3.4)
  rake (~> 13.0)
  rspec (~> 3.10)
  rspec_junit_formatter (~> 0.4.1)
  rubocop (~> 1.14)
  webmock (~> 3.0.1)

BUNDLED WITH
   2.2.15
